GEM
  remote: https://rubygems.org/
  specs:
    coderay (1.1.2)
    hiredis (0.6.1)
    method_source (0.9.0)
    mustermann (1.0.2)
    nest (3.1.1)
      redic
    ohm (3.1.1)
      nest (~> 3)
      redic (~> 1.5.0)
      stal
    pry (0.11.3)
      coderay (~> 1.1.0)
      method_source (~> 0.9.0)
    rack (2.0.5)
    rack-protection (2.0.3)
      rack
    redic (1.5.0)
      hiredis
    redis (4.0.1)
    shotgun (0.9.2)
      rack (>= 1.0)
    sinatra (2.0.3)
      mustermann (~> 1.0)
      rack (~> 2.0)
      rack-protection (= 2.0.3)
      tilt (~> 2.0)
    stal (0.3.0)
      redic (~> 1.5)
    tilt (2.0.8)

PLATFORMS
  ruby

DEPENDENCIES
  ohm
  pry
  redis
  shotgun
  sinatra

BUNDLED WITH
   1.16.1
